##TITLE= Parameter file, TOPSPIN		Version 2.0.a
##JCAMPDX= 5.0
##DATATYPE= Parameter Values
##NPOINTS= 4	$$ modification sequence number
##ORIGIN= Bruker BioSpin GmbH
##OWNER= comet
$$ 2010-04-20 11:23:29.634 +0100  IC\jli@BC-WANGYL
$$ C:/data/jli/nmr/JL_bariatricrat/436/pdata/1/procs
$$ process C:\Bruker\TOPSPIN\prog\mod\dataserver.exe
##$ABSF1= 0
##$ABSF2= 0
##$ABSG= 0
##$ABSL= 0
##$ALPHA= 0
##$AQORDER= 0
##$ASSFAC= 0
##$ASSFACI= 0
##$ASSFACX= 0
##$ASSWID= 0
##$AUNMP= <proc_no>
##$AZFE= 0.1
##$AZFW= 0.1
##$BCFW= 0
##$BC_mod= 0
##$BYTORDP= 1
##$COROFFS= 0
##$CY= -3
##$DATMOD= 1
##$DC= 0
##$DFILT= <>
##$DTYPP= 0
##$F1P= 0
##$F2P= 0
##$FCOR= 0.5
##$FTSIZE= 32768
##$FT_mod= 6
##$GAMMA= 0
##$GB= 0
##$INTBC= 1
##$INTSCL= 1
##$ISEN= 128
##$LB= 0.3
##$LEV0= 0
##$LPBIN= 0
##$MAXI= 2000
##$MC2= 0
##$MEAN= 0
##$ME_mod= 0
##$MI= 0
##$NCOEF= 0
##$NC_proc= -4
##$NLEV= 6
##$NOISF1= 0
##$NOISF2= 0
##$NSP= 0
##$NTH_PI= 0
##$NZP= 0
##$OFFSET= 14.8015
##$PC= 1
##$PHC0= 39.3446
##$PHC1= -21.5239
##$PH_mod= 1
##$PKNL= yes
##$PPARMOD= 0
##$PSCAL= 4
##$PSIGN= 0
##$REVERSE= no
##$SF= 600.289951251159
##$SI= 32768
##$SIGF1= 0
##$SIGF2= 0
##$SINO= 400
##$SIOLD= 32768
##$SREGLST= <1H.H2O>
##$SSB= 0
##$STSI= 32768
##$STSR= 0
##$SW_p= 12019.2307692308
##$SYMM= 0
##$S_DEV= 0
##$TDeff= 65536
##$TDoff= 0
##$TI= <JL-noe1d H2O ubackup comet 20
>
##$TILT= no
##$TM1= 0
##$TM2= 0
##$TOPLEV= 0
##$USERP1= <user>
##$USERP2= <user>
##$USERP3= <user>
##$USERP4= <user>
##$USERP5= <user>
##$WDW= 1
##$XDIM= 8192
##$YMAX_p= 444957903
##$YMIN_p= -176711493
##END=
